GEM
  remote: https://rubygems.org/
  specs:
    coderay (1.0.9)
    distance_measures (0.0.6)
    k_means (0.0.7)
      distance_measures (>= 0.0.0)
    method_source (0.8.1)
    pry (0.9.12)
      coderay (~> 1.0.5)
      method_source (~> 0.8)
      slop (~> 3.4)
    rmagick (2.13.2)
    shoes (3.0.1)
    slop (3.4.3)

PLATFORMS
  ruby

DEPENDENCIES
  k_means
  pry
  rmagick
  shoes
